GEM
  remote: https://rubygems.org/
  specs:
    json (1.8.1)
    mime-types (2.4.3)
    netrc (0.10.0)
    rack (1.5.2)
    rest-client (1.7.2)
      mime-types (>= 1.16, < 3.0)
      netrc (~> 0.7)
    sass (3.4.9)
    sinatra (1.0)
      rack (>= 1.0)
    slim (3.0.0)
      temple (~> 0.7.3)
      tilt (>= 1.3.3, < 2.1)
    stripe (1.16.0)
      json (~> 1.8.1)
      mime-types (>= 1.25, < 3.0)
      rest-client (~> 1.4)
    temple (0.7.3)
    tilt (2.0.1)

PLATFORMS
  ruby

DEPENDENCIES
  sass
  sinatra
  slim
  stripe
